PATH
  remote: .
  specs:
    smb-client (0.1.7)

GEM
  remote: https://rubygems.org/
  specs:
    docile (1.3.2)
    minitest (5.14.1)
    rake (12.3.3)
    simplecov (0.18.5)
      docile (~> 1.1)
      simplecov-html (~> 0.11)
    simplecov-html (0.12.2)

PLATFORMS
  ruby
  x64-mingw32

DEPENDENCIES
  minitest (~> 5.0)
  rake (~> 12.3, >= 12.3.3)
  simplecov
  smb-client!

BUNDLED WITH
   2.0.2
